GEM
  remote: https://rubygems.org/
  specs:
    language_server-protocol (3.17.0.3)
    prettier_print (1.2.1)
    ruby-lsp (0.4.5)
      language_server-protocol (~> 3.17.0)
      sorbet-runtime
      syntax_tree (>= 6.1.1, < 7)
    sorbet-runtime (0.5.10793)
    sqlite3 (1.6.2-x86_64-linux)
    syntax_tree (6.1.1)
      prettier_print (>= 1.2.0)

PLATFORMS
  x86_64-linux

DEPENDENCIES
  ruby-lsp
  sqlite3

BUNDLED WITH
   2.4.12
